GEM
  remote: https://rubygems.org/
  specs:

PLATFORMS
  ruby

DEPENDENCIES
  rspec

RUBY VERSION
   ruby 2.2.3p173

BUNDLED WITH
   1.16.1
